GEM
  remote: https://rubygems.org/
  specs:
    gosu (0.14.5)
    gosu_texture_packer (0.1.8)
      gosu
      json
      rmagick
    json (2.2.0)
    perlin_noise (0.1.3)
    rmagick (4.0.0)

PLATFORMS
  ruby

DEPENDENCIES
  gosu
  gosu_texture_packer
  perlin_noise
  rmagick

BUNDLED WITH
   2.0.2
